PATH
  remote: .
  specs:
    kuntena (0.1.0)
      clamp (= 1.2.1)
      kubeclient
      net-scp
      net-ssh
      tty-spinner
      tty-table

GEM
  remote: https://rubygems.org/
  specs:
    addressable (2.5.2)
      public_suffix (>= 2.0.2, < 4.0)
    clamp (1.2.1)
    domain_name (0.5.20170404)
      unf (>= 0.0.5, < 1.0.0)
    equatable (0.5.0)
    http (2.2.2)
      addressable (~> 2.3)
      http-cookie (~> 1.0)
      http-form_data (~> 1.0.1)
      http_parser.rb (~> 0.6.0)
    http-cookie (1.0.3)
      domain_name (~> 0.5)
    http-form_data (1.0.3)
    http_parser.rb (0.6.0)
    kubeclient (3.0.0)
      http (~> 2.2.2)
      recursive-open-struct (~> 1.0.4)
      rest-client (~> 2.0)
    mime-types (3.1)
      mime-types-data (~> 3.2015)
    mime-types-data (3.2016.0521)
    necromancer (0.4.0)
    net-scp (1.2.1)
      net-ssh (>= 2.6.5)
    net-ssh (4.2.0)
    netrc (0.11.0)
    pastel (0.7.2)
      equatable (~> 0.5.0)
      tty-color (~> 0.4.0)
    public_suffix (3.0.2)
    rake (10.5.0)
    recursive-open-struct (1.0.5)
    rest-client (2.0.2)
      http-cookie (>= 1.0.2, < 2.0)
      mime-types (>= 1.16, < 4.0)
      netrc (~> 0.8)
    strings (0.1.0)
      unicode-display_width (~> 1.3.0)
      unicode_utils (~> 1.4.0)
    tty-color (0.4.2)
    tty-cursor (0.5.0)
    tty-screen (0.6.4)
    tty-spinner (0.8.0)
      tty-cursor (>= 0.5.0)
    tty-table (0.10.0)
      equatable (~> 0.5.0)
      necromancer (~> 0.4.0)
      pastel (~> 0.7.2)
      strings (~> 0.1.0)
      tty-screen (~> 0.6.4)
    unf (0.1.4)
      unf_ext
    unf_ext (0.0.7.5)
    unicode-display_width (1.3.0)
    unicode_utils (1.4.0)

PLATFORMS
  ruby

DEPENDENCIES
  bundler (~> 1.16)
  kuntena!
  rake (~> 10.0)

BUNDLED WITH
   1.16.1
